GEM
  remote: https://rubygems.org/
  specs:
    os (0.9.6)
    rake (10.3.2)

PLATFORMS
  ruby

DEPENDENCIES
  os (~> 0.9.6)
  rake
